PATH
  remote: .
  specs:
    tr8n_core (1.0.0)
      dalli
      faraday
      redis

GEM
  remote: https://rubygems.org/
  specs:
    dalli (2.6.4)
    diff-lcs (1.2.5)
    faraday (0.8.8)
      multipart-post (~> 1.2.0)
    json (1.8.1)
    multipart-post (1.2.0)
    rake (10.1.0)
    rdoc (4.0.1)
      json (~> 1.4)
    redis (3.0.6)
    rspec (2.14.1)
      rspec-core (~> 2.14.0)
      rspec-expectations (~> 2.14.0)
      rspec-mocks (~> 2.14.0)
    rspec-core (2.14.7)
    rspec-expectations (2.14.4)
      diff-lcs (>= 1.1.3, < 2.0)
    rspec-mocks (2.14.4)

PLATFORMS
  ruby

DEPENDENCIES
  rake (~> 10.1.0)
  rdoc (~> 4.0.1)
  rspec (~> 2.14.1)
  rspec-core (~> 2.14.7)
  rspec-mocks (~> 2.14.4)
  tr8n_core!
